GEM
  remote: http://rubygems.org/
  specs:
    backports (3.6.0)
    bootstrap-sass (3.1.1.0)
      sass (~> 3.2)
    byebug (2.7.0)
      columnize (~> 0.3)
      debugger-linecache (~> 1.2)
    chunky_png (1.3.0)
    columnize (0.8.9)
    compass (0.12.2)
      chunky_png (~> 1.2)
      fssm (>= 0.2.7)
      sass (~> 3.1)
    compass-rails (1.1.7)
      compass (>= 0.12.2)
      sprockets (<= 2.11.0)
    debugger-linecache (1.2.0)
    fssm (0.2.10)
    hike (1.2.3)
    multi_json (1.8.4)
    puma (2.9.1)
      rack (>= 1.1, < 2.0)
    rack (1.5.2)
    rack-protection (1.5.2)
      rack
    rack-test (0.6.2)
      rack (>= 1.0)
    sass (3.2.14)
    sinatra (1.4.4)
      rack (~> 1.4)
      rack-protection (~> 1.4)
      tilt (~> 1.3, >= 1.3.4)
    sinatra-contrib (1.4.2)
      backports (>= 2.0)
      multi_json
      rack-protection
      rack-test
      sinatra (~> 1.4.0)
      tilt (~> 1.3)
    sprockets (2.11.0)
      hike (~> 1.2)
      multi_json (~> 1.0)
      rack (~> 1.0)
      tilt (~> 1.1, != 1.3.0)
    tilt (1.4.1)

PLATFORMS
  ruby

DEPENDENCIES
  bootstrap-sass
  byebug
  compass
  compass-rails
  puma
  sinatra
  sinatra-contrib
